GIT
  remote: git://github.com/elasticsearch/elasticsearch-ruby.git
  revision: 692e55d86cb46944019f68e2e4f57db6074f6f9c
  specs:
    elasticsearch (1.0.12)
      elasticsearch-api (= 1.0.12)
      elasticsearch-transport (= 1.0.12)
    elasticsearch-api (1.0.12)
      multi_json
    elasticsearch-transport (1.0.12)
      faraday
      multi_json

GEM
  remote: https://rubygems.org/
  specs:
    actionmailer (4.1.2)
      actionpack (= 4.1.2)
      actionview (= 4.1.2)
      mail (~> 2.5.4)
    actionpack (4.1.2)
      actionview (= 4.1.2)
      activesupport (= 4.1.2)
      rack (~> 1.5.2)
      rack-test (~> 0.6.2)
    actionview (4.1.2)
      activesupport (= 4.1.2)
      builder (~> 3.1)
      erubis (~> 2.7.0)
    activemodel (4.1.2)
      activesupport (= 4.1.2)
      builder (~> 3.1)
    activerecord (4.1.2)
      activemodel (= 4.1.2)
      activesupport (= 4.1.2)
      arel (~> 5.0.0)
    activesupport (4.1.2)
      i18n (~> 0.6, >= 0.6.9)
      json (~> 1.7, >= 1.7.7)
      minitest (~> 5.1)
      thread_safe (~> 0.1)
      tzinfo (~> 1.1)
    acts_as_votable (0.10.0)
    addressable (2.3.8)
    api-pagination (4.1.1)
    arel (5.0.1.20140414130214)
    aws-sdk (1.20.0)
      json (~> 1.4)
      nokogiri (>= 1.4.4, < 1.6.0)
      uuidtools (~> 2.1)
    bcrypt (3.1.10)
    bcrypt (3.1.10-x86-mingw32)
    bootstrap-kaminari-views (0.0.5)
      kaminari (>= 0.13)
      rails (>= 3.1)
    bootstrap-navbar (2.2.4)
      gem_config (~> 0.3)
    bootstrap-sass (3.2.0.2)
      sass (~> 3.2)
    bootstrap-social-rails (4.8.0)
      railties (>= 3.1)
    bootstrap_form (2.3.0)
    builder (3.2.2)
    byebug (6.0.2)
    chronic (0.10.2)
    climate_control (0.0.3)
      activesupport (>= 3.0)
    cocaine (0.5.7)
      climate_control (>= 0.0.3, < 1.0)
    coderay (1.1.0)
    coffee-rails (4.0.1)
      coffee-script (>= 2.2.0)
      railties (>= 4.0.0, < 5.0)
    coffee-script (2.4.1)
      coffee-script-source
      execjs
    coffee-script-source (1.9.1.1)
    config (1.0.0)
      activesupport (>= 3.0)
      deep_merge (~> 1.0.0)
    curb (0.8.8)
    curb-fu (0.6.2)
      curb (>= 0.5.4.0)
      rack-test (>= 0.2.0)
    deep_merge (1.0.1)
    delayed_job (4.0.6)
      activesupport (>= 3.0, < 5.0)
    delayed_job_active_record (4.0.3)
      activerecord (>= 3.0, < 5.0)
      delayed_job (>= 3.0, < 4.1)
    devise (3.4.1)
      bcrypt (~> 3.0)
      orm_adapter (~> 0.1)
      railties (>= 3.2.6, < 5)
      responders
      thread_safe (~> 0.1)
      warden (~> 1.2.3)
    erubis (2.7.0)
    execjs (2.6.0)
    faraday (0.9.1)
      multipart-post (>= 1.2, < 3)
    font-awesome-rails (4.4.0.0)
      railties (>= 3.2, < 5.0)
    gem_config (0.3.1)
    geocoder (1.2.9)
    hashie (3.4.2)
    hike (1.2.3)
    httparty (0.13.5)
      json (~> 1.8)
      multi_xml (>= 0.5.2)
    i18n (0.7.0)
    jbuilder (1.5.3)
      activesupport (>= 3.0.0)
      multi_json (>= 1.2.0)
    jquery-rails (3.1.3)
      railties (>= 3.0, < 5.0)
      thor (>= 0.14, < 2.0)
    jquery-turbolinks (2.1.0)
      railties (>= 3.1.0)
      turbolinks
    json (1.8.3)
    jwt (1.5.1)
    kaminari (0.16.3)
      actionpack (>= 3.0.0)
      activesupport (>= 3.0.0)
    koala (1.11.1)
      addressable
      faraday
      multi_json
    mail (2.5.4)
      mime-types (~> 1.16)
      treetop (~> 1.4.8)
    mailchimp (0.0.9)
      httparty
    masonry-rails (0.2.4)
      railties
    method_source (0.8.2)
    mime-types (1.25.1)
    minitest (5.8.1)
    mobile-fu (1.3.1)
      rack-mobile-detect
      rails
    multi_json (1.11.2)
    multi_xml (0.5.5)
    multipart-post (2.0.0)
    nokogiri (1.5.11)
    nokogiri (1.5.11-x86-mingw32)
    oauth2 (0.9.4)
      faraday (>= 0.8, < 0.10)
      jwt (~> 1.0)
      multi_json (~> 1.3)
      multi_xml (~> 0.5)
      rack (~> 1.2)
    omniauth (1.2.2)
      hashie (>= 1.2, < 4)
      rack (~> 1.0)
    omniauth-facebook (1.4.1)
      omniauth-oauth2 (~> 1.1.0)
    omniauth-oauth2 (1.1.2)
      faraday (>= 0.8, < 0.10)
      multi_json (~> 1.3)
      oauth2 (~> 0.9.3)
      omniauth (~> 1.2)
    orm_adapter (0.5.0)
    paperclip (3.5.4)
      activemodel (>= 3.0.0)
      activesupport (>= 3.0.0)
      cocaine (~> 0.5.3)
      mime-types
    pg (0.18.2)
    pg (0.18.2-x86-mingw32)
    polyglot (0.3.5)
    pry (0.10.1)
      coderay (~> 1.1.0)
      method_source (~> 0.8.1)
      slop (~> 3.4)
    pry (0.10.1-x86-mingw32)
      coderay (~> 1.1.0)
      method_source (~> 0.8.1)
      slop (~> 3.4)
      win32console (~> 1.3)
    pry-rails (0.3.4)
      pry (>= 0.9.10)
    quiet_assets (1.1.0)
      railties (>= 3.1, < 5.0)
    rack (1.5.5)
    rack-mobile-detect (0.4.0)
      rack
    rack-test (0.6.3)
      rack (>= 1.0)
    rails (4.1.2)
      actionmailer (= 4.1.2)
      actionpack (= 4.1.2)
      actionview (= 4.1.2)
      activemodel (= 4.1.2)
      activerecord (= 4.1.2)
      activesupport (= 4.1.2)
      bundler (>= 1.3.0, < 2.0)
      railties (= 4.1.2)
      sprockets-rails (~> 2.0)
    rails_12factor (0.0.3)
      rails_serve_static_assets
      rails_stdout_logging
    rails_bootstrap_navbar (2.0.1)
      bootstrap-navbar (~> 2.0)
      rails (>= 3.0.0)
    rails_serve_static_assets (0.0.4)
    rails_stdout_logging (0.0.4)
    railties (4.1.2)
      actionpack (= 4.1.2)
      activesupport (= 4.1.2)
      rake (>= 0.8.7)
      thor (>= 0.18.1, < 2.0)
    rake (11.2.2)
    rdoc (4.2.0)
      json (~> 1.4)
    rename (1.0.2)
      rails (>= 3.0.0)
    responders (1.1.2)
      railties (>= 3.2, < 4.2)
    sass (3.2.19)
    sass-rails (4.0.5)
      railties (>= 4.0.0, < 5.0)
      sass (~> 3.2.2)
      sprockets (~> 2.8, < 3.0)
      sprockets-rails (~> 2.0)
    sdoc (0.4.1)
      json (~> 1.7, >= 1.7.7)
      rdoc (~> 4.0)
    searchkick (0.9.0)
      activemodel
      elasticsearch (>= 1)
      hashie
    shareable (1.1.4)
      actionpack (>= 3.0.0)
      activesupport (>= 3.0.0)
    simple_form (3.1.0)
      actionpack (~> 4.0)
      activemodel (~> 4.0)
    slop (3.6.0)
    social-share-button (0.1.8)
      coffee-rails
      sass-rails
    socialization (1.2.0)
      activerecord
    sprockets (2.12.4)
      hike (~> 1.2)
      multi_json (~> 1.0)
      rack (~> 1.0)
      tilt (~> 1.1, != 1.3.0)
    sprockets-rails (2.3.3)
      actionpack (>= 3.0)
      activesupport (>= 3.0)
      sprockets (>= 2.8, < 4.0)
    sqlite3 (1.3.10)
    sqlite3 (1.3.10-x86-mingw32)
    thor (0.19.1)
    thread_safe (0.3.5)
    tilt (1.4.1)
    treetop (1.4.15)
      polyglot
      polyglot (>= 0.3.1)
    turbolinks (2.5.3)
      coffee-rails
    tzinfo (1.2.2)
      thread_safe (~> 0.1)
    uglifier (2.7.2)
      execjs (>= 0.3.0)
      json (>= 1.8.0)
    uuidtools (2.1.5)
    warden (1.2.3)
      rack (>= 1.0)
    whenever (0.9.4)
      chronic (>= 0.6.3)
    win32console (1.3.2-x86-mingw32)

PLATFORMS
  ruby
  x86-mingw32

DEPENDENCIES
  acts_as_votable (~> 0.10.0)
  api-pagination
  aws-sdk (~> 1.20.0)
  bootstrap-kaminari-views
  bootstrap-sass (~> 3.2.0)
  bootstrap-social-rails
  bootstrap_form
  byebug
  coffee-rails (~> 4.0.0)
  config
  curb-fu
  delayed_job_active_record
  devise (~> 3.4.1)
  elasticsearch-transport!
  font-awesome-rails
  geocoder
  jbuilder (~> 1.2)
  jquery-rails
  jquery-turbolinks
  kaminari
  koala (~> 1.11.1)
  mailchimp (~> 0.0.9)
  masonry-rails (~> 0.2.0)
  mobile-fu
  omniauth
  omniauth-facebook (~> 1.4.0)
  paperclip (~> 3.0)
  pg
  pry-rails
  quiet_assets
  rails (= 4.1.2)
  rails_12factor
  rails_bootstrap_navbar
  rename
  sass-rails (~> 4.0.0)
  sdoc
  searchkick
  shareable
  simple_form
  social-share-button
  socialization
  sqlite3
  turbolinks
  uglifier (>= 1.3.0)
  whenever

BUNDLED WITH
   1.10.6
